GIT
  remote: http://github.com/deepfryed/eventmachine
  revision: d028163b05b2e04aee16a313afd0d2a4f2afc73f
  specs:
    eventmachine (1.0.1)

GIT
  remote: http://github.com/deepfryed/pastry
  revision: 2d638cf7177eafc50569dabf6654366d24760d9b
  specs:
    pastry (0.2.0)
      thin

GEM
  remote: http://rubygems.org/
  specs:
    daemons (1.1.5)
    kgio (2.7.0)
    rack (1.4.0)
    rainbows (4.3.1)
      kgio (~> 2.5)
      rack (~> 1.1)
      unicorn (~> 4.1)
    raindrops (0.8.0)
    thin (1.3.1)
      daemons (>= 1.0.9)
      eventmachine (>= 0.12.6)
      rack (>= 1.0.0)
    unicorn (4.1.1)
      kgio (~> 2.4)
      rack
      raindrops (~> 0.6)

PLATFORMS
  ruby

DEPENDENCIES
  eventmachine!
  pastry!
  rainbows
  thin
